GIT
  remote: git://github.com/ncbo/goo.git
  revision: de90d22ec992dd8dea3ec97f6c9c69906de1ecc0
  branch: staging
  specs:
    goo (0.0.2)
      addressable (= 2.3.5)
      pry
      rdf (= 1.0.8)
      redis
      rest-client
      rsolr
      sparql-client
      systemu
      uuid

GIT
  remote: git://github.com/ncbo/sparql-client.git
  revision: 2586eaa5bae4e41c24e7bdc10c985244df2521e7
  branch: staging
  specs:
    sparql-client (1.0.4.1)
      json_pure (>= 1.4)
      net-http-persistent (= 2.9.4)
      rdf (>= 1.0)

PATH
  remote: .
  specs:
    ncbo_resource_index (0.0.1)
      elasticsearch (= 2.0.0)
      mysql2
      pony
      ref
      ruby-xxHash
      sequel
      typhoeus

GEM
  remote: https://rubygems.org/
  specs:
    activesupport (5.0.2)
      concurrent-ruby (~> 1.0, >= 1.0.2)
      i18n (~> 0.7)
      minitest (~> 5.1)
      tzinfo (~> 1.1)
    addressable (2.3.5)
    builder (3.2.3)
    coderay (1.1.1)
    concurrent-ruby (1.0.5)
    cube-ruby (0.0.3)
    domain_name (0.5.20170404)
      unf (>= 0.0.5, < 1.0.0)
    elasticsearch (2.0.0)
      elasticsearch-api (= 2.0.0)
      elasticsearch-transport (= 2.0.0)
    elasticsearch-api (2.0.0)
      multi_json
    elasticsearch-transport (2.0.0)
      faraday
      multi_json
    ethon (0.10.1)
      ffi (>= 1.3.0)
    faraday (0.12.0.1)
      multipart-post (>= 1.2, < 3)
    ffi (1.9.18)
    http-cookie (1.0.3)
      domain_name (~> 0.5)
    i18n (0.8.1)
    json_pure (2.0.4)
    macaddr (1.7.1)
      systemu (~> 2.6.2)
    mail (2.6.4)
      mime-types (>= 1.16, < 4)
    method_source (0.8.2)
    mime-types (3.1)
      mime-types-data (~> 3.2015)
    mime-types-data (3.2016.0521)
    minitest (5.10.1)
    multi_json (1.12.1)
    multipart-post (2.0.0)
    mysql2 (0.4.5)
    net-http-persistent (2.9.4)
    netrc (0.11.0)
    pony (1.11)
      mail (>= 2.0)
    pry (0.10.4)
      coderay (~> 1.1.0)
      method_source (~> 0.8.1)
      slop (~> 3.4)
    rake (12.0.0)
    rdf (1.0.8)
      addressable (>= 2.2)
    redis (3.3.3)
    ref (2.0.0)
    rest-client (2.0.1)
      http-cookie (>= 1.0.2, < 2.0)
      mime-types (>= 1.16, < 4.0)
      netrc (~> 0.8)
    rsolr (1.1.2)
      builder (>= 2.1.2)
    ruby-xxHash (0.4.0.1)
    sequel (4.45.0)
    slop (3.6.0)
    sqlite3 (1.3.13)
    systemu (2.6.5)
    thread_safe (0.3.6)
    typhoeus (1.1.2)
      ethon (>= 0.9.0)
    tzinfo (1.2.3)
      thread_safe (~> 0.1)
    unf (0.1.4)
      unf_ext
    unf_ext (0.0.7.3)
    uuid (2.3.8)
      macaddr (~> 1.0)

PLATFORMS
  ruby

DEPENDENCIES
  activesupport
  bundler (~> 1.3)
  cube-ruby
  goo!
  jdbc-sqlite3
  minitest
  mysql2
  ncbo_resource_index!
  pry
  rake
  sparql-client!
  sqlite3

BUNDLED WITH
   1.12.5
